PATH
  remote: .
  specs:
    pfft (0.0.1)
      gli (~> 2.21.1)

GEM
  remote: https://rubygems.org/
  specs:
    gli (2.21.1)
    minitest (5.19.0)
    psych (4.0.4)
      stringio
    rake (13.0.6)
    rdoc (6.4.0)
      psych (>= 4.0.0)
    stringio (3.0.1)

PLATFORMS
  arm64-darwin-22

DEPENDENCIES
  minitest
  pfft!
  rake
  rdoc

BUNDLED WITH
   2.3.26
